GEM
  remote: https://rubygems.org/
  specs:
    coderay (1.1.3)
    haml (5.2.0)
      temple (>= 0.8.0)
      tilt
    method_source (1.0.0)
    mustermann (1.1.1)
      ruby2_keywords (~> 0.0.1)
    pry (0.13.1)
      coderay (~> 1.1)
      method_source (~> 1.0)
    rack (2.2.3)
    rack-protection (2.0.8.1)
      rack
    ruby2_keywords (0.0.2)
    sinatra (2.0.8.1)
      mustermann (~> 1.0)
      rack (~> 2.0)
      rack-protection (= 2.0.8.1)
      tilt (~> 2.0)
    sqlite3 (1.4.2)
    temple (0.8.2)
    tilt (2.0.10)

PLATFORMS
  ruby

DEPENDENCIES
  haml (~> 5.2.0)
  pry
  rack (~> 2.2.3)
  sinatra (~> 2.0.7)
  sqlite3 (~> 1.4.2)

BUNDLED WITH
   2.1.4
